GEM
  remote: https://rubygems.org/
  specs:
    async (1.30.1)
      console (~> 1.10)
      nio4r (~> 2.3)
      timers (~> 4.1)
    async-container (0.16.12)
      async
      async-io
    async-http (0.56.5)
      async (>= 1.25)
      async-io (>= 1.28)
      async-pool (>= 0.2)
      protocol-http (~> 0.22.0)
      protocol-http1 (~> 0.14.0)
      protocol-http2 (~> 0.14.0)
    async-http-cache (0.4.2)
      async-http (~> 0.56)
    async-io (1.32.2)
      async
    async-pool (0.3.9)
      async (>= 1.25)
    build-environment (1.13.0)
    code-assertions (1.1.3)
      sourcify (~> 0.5.0, >= 0.5.0)
    console (1.14.0)
      fiber-local
    daemons (1.4.1)
    eventmachine (1.2.7)
    falcon (0.39.2)
      async
      async-container (~> 0.16.0)
      async-http (~> 0.56.0)
      async-http-cache (~> 0.4.0)
      async-io (~> 1.22)
      build-environment (~> 1.13)
      bundler
      localhost (~> 1.1)
      process-metrics (~> 0.2.0)
      rack (>= 1.0)
      samovar (~> 2.1)
    fiber-local (1.0.0)
    file-tail (1.2.0)
      tins (~> 1.0)
    gh-archive (0.17)
      code-assertions (~> 1.1.2, >= 1.1.2)
      thread (~> 0.2.2, >= 0.2.2)
    localhost (1.1.9)
    mapping (1.1.1)
    mustermann (1.1.1)
      ruby2_keywords (~> 0.0.1)
    nio4r (2.5.8)
    process-metrics (0.2.1)
      console (~> 1.8)
      samovar (~> 2.1)
    protocol-hpack (1.4.2)
    protocol-http (0.22.5)
    protocol-http1 (0.14.2)
      protocol-http (~> 0.22)
    protocol-http2 (0.14.2)
      protocol-hpack (~> 1.4)
      protocol-http (~> 0.18)
    puma (5.5.2)
      nio4r (~> 2.0)
    rack (2.2.3)
    rack-protection (2.1.0)
      rack
    ruby2_keywords (0.0.5)
    ruby2ruby (2.4.4)
      ruby_parser (~> 3.1)
      sexp_processor (~> 4.6)
    ruby_parser (3.18.1)
      sexp_processor (~> 4.16)
    samovar (2.1.4)
      console (~> 1.0)
      mapping (~> 1.0)
    sexp_processor (4.16.0)
    sinatra (2.1.0)
      mustermann (~> 1.0)
      rack (~> 2.2)
      rack-protection (= 2.1.0)
      tilt (~> 2.0)
    sourcify (0.5.0)
      file-tail (>= 1.0.5)
      ruby2ruby (>= 1.2.5)
      ruby_parser (>= 2.0.5)
      sexp_processor (>= 3.0.5)
    sync (0.5.0)
    thin (1.8.1)
      daemons (~> 1.0, >= 1.0.9)
      eventmachine (~> 1.0, >= 1.0.4)
      rack (>= 1, < 3)
    thread (0.2.2)
    tilt (2.0.10)
    timers (4.3.3)
    tins (1.29.1)
      sync
    webrick (1.7.0)

PLATFORMS
  x86_64-linux

DEPENDENCIES
  eventmachine
  falcon
  gh-archive
  puma
  rack
  sinatra
  thin
  webrick

BUNDLED WITH
   2.2.33
